GEM
  remote: https://rubygems.org/
  specs:
    activemodel (5.2.6)
      activesupport (= 5.2.6)
    activerecord (5.2.6)
      activemodel (= 5.2.6)
      activesupport (= 5.2.6)
      arel (>= 9.0)
    activesupport (5.2.6)
      concurrent-ruby (~> 1.0, >= 1.0.2)
      i18n (>= 0.7, < 2)
      minitest (~> 5.1)
      tzinfo (~> 1.1)
    arel (9.0.0)
    artii (2.1.2)
    coderay (1.1.3)
    colorize (0.8.1)
    concurrent-ruby (1.1.9)
    httparty (0.18.1)
      mime-types (~> 3.0)
      multi_xml (>= 0.5.2)
    i18n (1.8.10)
      concurrent-ruby (~> 1.0)
    lolcat (100.0.1)
      manpages (~> 0.6.1)
      optimist (~> 3.0.0)
      paint (~> 2.1)
    manpages (0.6.1)
    method_source (1.0.0)
    mime-types (3.3.1)
      mime-types-data (~> 3.2015)
    mime-types-data (3.2021.0901)
    minitest (5.14.4)
    multi_xml (0.6.0)
    nokogiri (1.12.4-x86_64-darwin)
      racc (~> 1.4)
    open-uri (0.1.0)
    optimist (3.0.1)
    paint (2.2.1)
    pastel (0.8.0)
      tty-color (~> 0.5)
    pry (0.14.1)
      coderay (~> 1.1)
      method_source (~> 1.0)
    racc (1.5.2)
    rake (13.0.6)
    sqlite3 (1.4.2)
    thread_safe (0.3.6)
    tty-color (0.6.0)
    tty-cursor (0.7.1)
    tty-prompt (0.23.1)
      pastel (~> 0.8)
      tty-reader (~> 0.8)
    tty-reader (0.9.0)
      tty-cursor (~> 0.7)
      tty-screen (~> 0.8)
      wisper (~> 2.0)
    tty-screen (0.8.1)
    tzinfo (1.2.9)
      thread_safe (~> 0.1)
    wisper (2.0.1)

PLATFORMS
  x86_64-darwin-20

DEPENDENCIES
  activerecord (~> 5.2)
  artii
  colorize
  httparty
  lolcat
  nokogiri
  open-uri
  pry
  rake
  sqlite3
  tty-prompt

BUNDLED WITH
   2.2.26
